GIT
  remote: https://github.com/8398a7/uikit-sass-rails
  revision: 57faece6c62fe114e5c2c5b5a40ca48ef6ca1f8e
  specs:
    uikit-sass-rails (1.4.1)
      sass-rails (>= 3.1)

GIT
  remote: https://github.com/bokmann/font-awesome-rails
  revision: 6875363e13230e0c9266602e1cdc411e042c1f9f
  specs:
    font-awesome-rails (4.7.0.2)
      railties (>= 3.2, < 5.2)

GIT
  remote: https://github.com/plataformatec/devise
  revision: 079ed3b6f8b671acde2dd630d28d21adb010fb3a
  specs:
    devise (4.3.0)
      bcrypt (~> 3.0)
      orm_adapter (~> 0.1)
      railties (>= 4.1.0, < 5.2)
      responders
      warden (~> 1.2.3)

GIT
  remote: https://github.com/rails/sprockets-rails.git
  revision: 6fa795ae1d7e1ad1b175ba8e8bb2093f3d868412
  specs:
    sprockets-rails (3.2.0)
      actionpack (>= 4.0)
      activesupport (>= 4.0)
      sprockets (>= 3.0.0)

GIT
  remote: https://github.com/slim-template/slim-rails
  revision: 991589ea5648e5e896781e68912bc51beaf4102a
  specs:
    slim-rails (3.1.2)
      actionpack (>= 3.1)
      railties (>= 3.1)
      slim (~> 3.0)

GEM
  remote: https://rubygems.org/
  specs:
    actioncable (5.0.3)
      actionpack (= 5.0.3)
      nio4r (>= 1.2, < 3.0)
      websocket-driver (~> 0.6.1)
    actionmailer (5.0.3)
      actionpack (= 5.0.3)
      actionview (= 5.0.3)
      activejob (= 5.0.3)
      mail (~> 2.5, >= 2.5.4)
      rails-dom-testing (~> 2.0)
    actionpack (5.0.3)
      actionview (= 5.0.3)
      activesupport (= 5.0.3)
      rack (~> 2.0)
      rack-test (~> 0.6.3)
      rails-dom-testing (~> 2.0)
      rails-html-sanitizer (~> 1.0, >= 1.0.2)
    actionview (5.0.3)
      activesupport (= 5.0.3)
      builder (~> 3.1)
      erubis (~> 2.7.0)
      rails-dom-testing (~> 2.0)
      rails-html-sanitizer (~> 1.0, >= 1.0.3)
    activejob (5.0.3)
      activesupport (= 5.0.3)
      globalid (>= 0.3.6)
    activemodel (5.0.3)
      activesupport (= 5.0.3)
    activerecord (5.0.3)
      activemodel (= 5.0.3)
      activesupport (= 5.0.3)
      arel (~> 7.0)
    activesupport (5.0.3)
      concurrent-ruby (~> 1.0, >= 1.0.2)
      i18n (~> 0.7)
      minitest (~> 5.1)
      tzinfo (~> 1.1)
    arel (7.1.4)
    autoprefixer-rails (6.4.0.3)
      execjs
    bcrypt (3.1.11)
    better_errors (2.1.1)
      coderay (>= 1.0.0)
      erubis (>= 2.6.6)
      rack (>= 0.9.0)
    binding_of_caller (0.7.2)
      debug_inspector (>= 0.0.1)
    bootstrap-sass (3.2.0.2)
      sass (~> 3.2)
    builder (3.2.3)
    byebug (9.0.5)
    coderay (1.1.1)
    coffee-rails (4.2.1)
      coffee-script (>= 2.2.0)
      railties (>= 4.0.0, < 5.2.x)
    coffee-script (2.4.1)
      coffee-script-source
      execjs
    coffee-script-source (1.12.2)
    concurrent-ruby (1.0.5)
    debug_inspector (0.0.2)
    devise-i18n (1.1.1)
    erubis (2.7.0)
    execjs (2.7.0)
    fullcalendar-rails (3.1.0.0)
      jquery-rails (>= 4.0.5, < 5.0.0)
      jquery-ui-rails (>= 5.0.2)
      momentjs-rails (>= 2.9.0)
    globalid (0.4.0)
      activesupport (>= 4.2.0)
    i18n (0.8.1)
    jbuilder (2.6.0)
      activesupport (>= 3.0.0, < 5.1)
      multi_json (~> 1.2)
    jquery-rails (4.1.1)
      rails-dom-testing (>= 1, < 3)
      railties (>= 4.2.0)
      thor (>= 0.14, < 2.0)
    jquery-turbolinks (2.1.0)
      railties (>= 3.1.0)
      turbolinks
    jquery-ui-rails (6.0.1)
      railties (>= 3.2.16)
    json (1.8.6)
    loofah (2.0.3)
      nokogiri (>= 1.5.9)
    mail (2.6.5)
      mime-types (>= 1.16, < 4)
    method_source (0.8.2)
    mime-types (3.1)
      mime-types-data (~> 3.2015)
    mime-types-data (3.2016.0521)
    mini_portile2 (2.1.0)
    minitest (5.10.2)
    momentjs-rails (2.15.1)
      railties (>= 3.1)
    multi_json (1.12.1)
    nio4r (2.0.0)
    nokogiri (1.7.2)
      mini_portile2 (~> 2.1.0)
    orm_adapter (0.5.0)
    pry (0.10.4)
      coderay (~> 1.1.0)
      method_source (~> 0.8.1)
      slop (~> 3.4)
    pry-byebug (3.4.0)
      byebug (~> 9.0)
      pry (~> 0.10)
    pry-rails (0.3.4)
      pry (>= 0.9.10)
    rack (2.0.3)
    rack-test (0.6.3)
      rack (>= 1.0)
    rails (5.0.3)
      actioncable (= 5.0.3)
      actionmailer (= 5.0.3)
      actionpack (= 5.0.3)
      actionview (= 5.0.3)
      activejob (= 5.0.3)
      activemodel (= 5.0.3)
      activerecord (= 5.0.3)
      activesupport (= 5.0.3)
      bundler (>= 1.3.0, < 2.0)
      railties (= 5.0.3)
      sprockets-rails (>= 2.0.0)
    rails-dom-testing (2.0.3)
      activesupport (>= 4.2.0)
      nokogiri (>= 1.6)
    rails-html-sanitizer (1.0.3)
      loofah (~> 2.0)
    railties (5.0.3)
      actionpack (= 5.0.3)
      activesupport (= 5.0.3)
      method_source
      rake (>= 0.8.7)
      thor (>= 0.18.1, < 2.0)
    rake (12.0.0)
    rdoc (4.2.2)
      json (~> 1.4)
    responders (2.4.0)
      actionpack (>= 4.2.0, < 5.3)
      railties (>= 4.2.0, < 5.3)
    sass (3.4.22)
    sass-rails (5.0.6)
      railties (>= 4.0.0, < 6)
      sass (~> 3.1)
      sprockets (>= 2.8, < 4.0)
      sprockets-rails (>= 2.0, < 4.0)
      tilt (>= 1.1, < 3)
    sdoc (0.4.1)
      json (~> 1.7, >= 1.7.7)
      rdoc (~> 4.0)
    slim (3.0.8)
      temple (>= 0.7.6, < 0.9)
      tilt (>= 1.3.3, < 2.1)
    slop (3.6.0)
    spring (1.7.2)
    sprockets (3.7.1)
      concurrent-ruby (~> 1.0)
      rack (> 1, < 3)
    sqlite3 (1.3.11)
    temple (0.8.0)
    thor (0.19.4)
    thread_safe (0.3.6)
    tilt (2.0.5)
    turbolinks (5.0.1)
      turbolinks-source (~> 5)
    turbolinks-source (5.0.0)
    tzinfo (1.2.3)
      thread_safe (~> 0.1)
    uglifier (3.0.1)
      execjs (>= 0.3.0, < 3)
    warden (1.2.7)
      rack (>= 1.0)
    web-console (2.3.0)
      activemodel (>= 4.0)
      binding_of_caller (>= 0.7.2)
      railties (>= 4.0)
      sprockets-rails (>= 2.0, < 4.0)
    webhostinghub-glyphs-rails (0.0.9)
    websocket-driver (0.6.5)
      websocket-extensions (>= 0.1.0)
    websocket-extensions (0.1.2)

PLATFORMS
  ruby

DEPENDENCIES
  autoprefixer-rails
  better_errors
  binding_of_caller
  bootstrap-sass (~> 3.2.0)
  byebug
  coffee-rails (~> 4.2.1)
  devise!
  devise-i18n
  font-awesome-rails!
  fullcalendar-rails
  jbuilder (~> 2.0)
  jquery-rails
  jquery-turbolinks
  momentjs-rails
  pry-byebug
  pry-rails
  rails (~> 5.0.0)
  sass-rails (~> 5.0)
  sdoc (~> 0.4.0)
  slim-rails!
  spring
  sprockets-rails!
  sqlite3
  turbolinks (~> 5)
  uglifier (>= 1.3.0)
  uikit-sass-rails!
  web-console (~> 2.0)
  webhostinghub-glyphs-rails

BUNDLED WITH
   1.14.6
